GEM
  remote: https://rubygems.org/
  specs:
    activemodel (5.2.8.1)
      activesupport (= 5.2.8.1)
    activerecord (5.2.8.1)
      activemodel (= 5.2.8.1)
      activesupport (= 5.2.8.1)
      arel (>= 9.0)
    activesupport (5.2.8.1)
      concurrent-ruby (~> 1.0, >= 1.0.2)
      i18n (>= 0.7, < 2)
      minitest (~> 5.1)
      tzinfo (~> 1.1)
    arel (9.0.0)
    concurrent-ruby (1.1.10)
    daemons (1.2.3)
    eventmachine (1.2.0.1)
    haml (4.0.7)
      tilt
    i18n (1.11.0)
      concurrent-ruby (~> 1.0)
    minitest (5.15.0)
    pg (0.18.4)
    r18n-core (2.1.3)
    rack (1.6.4)
    rack-protection (1.5.3)
      rack
    sinatra (1.4.7)
      rack (~> 1.5)
      rack-protection (~> 1.4)
      tilt (>= 1.3, < 3)
    sinatra-activerecord (2.0.9)
      activerecord (>= 3.2)
      sinatra (~> 1.0)
    sinatra-r18n (2.1.3)
      r18n-core (= 2.1.3)
      sinatra (>= 1.3)
    thin (1.6.4)
      daemons (~> 1.0, >= 1.0.9)
      eventmachine (~> 1.0, >= 1.0.4)
      rack (~> 1.0)
    thread_safe (0.3.6)
    tilt (2.0.2)
    tzinfo (1.2.9)
      thread_safe (~> 0.1)

PLATFORMS
  ruby

DEPENDENCIES
  activerecord (~> 5.2)
  haml (~> 4.0)
  pg (~> 0.18)
  sinatra (~> 1.4)
  sinatra-activerecord (~> 2.0)
  sinatra-r18n (~> 2.1)
  thin (~> 1.6)

RUBY VERSION
   ruby 2.3.1p112

BUNDLED WITH
   1.14.6
