GEM
  remote: https://rubygems.org/
  specs:
    chartkick (1.3.2)
    daemons (1.1.9)
    eventmachine (1.0.7)
    haml (4.0.5)
      tilt
    json (1.8.1)
    mime-types (2.4.3)
    rack (1.6.0)
    rack-protection (1.5.3)
      rack
    rest-client (1.6.7)
      mime-types (>= 1.16)
    sinatra (1.4.5)
      rack (~> 1.4)
      rack-protection (~> 1.4)
      tilt (~> 1.3, >= 1.3.4)
    thin (1.6.2)
      daemons (>= 1.0.9)
      eventmachine (>= 1.0.0)
      rack (>= 1.0.0)
    tilt (1.4.1)

PLATFORMS
  ruby

DEPENDENCIES
  chartkick (= 1.3.2)
  haml (= 4.0.5)
  json (= 1.8.1)
  rest-client (= 1.6.7)
  sinatra (= 1.4.5)
  thin (= 1.6.2)
